GEM
  remote: https://rubygems.org/
  specs:
    color (1.8)
    thor (0.19.1)

PLATFORMS
  ruby

DEPENDENCIES
  color
  thor (~> 0.19.1)

BUNDLED WITH
   1.12.5
